RESTRICTION: == net45
NUGET
  remote: https://www.nuget.org/api/v2
    FSharp.Core (4.5.2)
    ReactiveUI (8.7.2)
